GEM
  remote: http://rubygems.org/
  specs:
    curb (0.9.3)

PLATFORMS
  ruby

DEPENDENCIES
  curb

BUNDLED WITH
   1.14.6
